GEM
  specs:
    ansi (1.5.0)
    docile (1.1.5)
    hirb (0.7.3)
    json (2.1.0)
    simplecov (0.15.1)
      docile (~> 1.1.0)
      json (>= 1.8, < 3)
      simplecov-html (~> 0.10.0)
    simplecov-console (0.4.2)
      ansi
      hirb
      simplecov
    simplecov-html (0.10.2)

PLATFORMS
  ruby

DEPENDENCIES
  simplecov
  simplecov-console

BUNDLED WITH
   1.16.0.pre.3
